GEM
  remote: https://rubygems.org/
  specs:
    faraday (0.15.4)
      multipart-post (>= 1.2, < 3)
    football__data (0.2.3)
      faraday (~> 0.9)
      thor (~> 0.19)
    multipart-post (2.0.0)
    thor (0.20.3)

PLATFORMS
  ruby

DEPENDENCIES
  football__data

BUNDLED WITH
   1.16.6
